PATH
  remote: .
  specs:
    mongo-lock (1.1.0)

GEM
  remote: https://rubygems.org/
  specs:
    activesupport (4.0.3)
      i18n (~> 0.6, >= 0.6.4)
      minitest (~> 4.2)
      multi_json (~> 1.3)
      thread_safe (~> 0.1)
      tzinfo (~> 0.3.37)
    atomic (1.1.14)
    bson (1.9.2)
    coderay (1.1.0)
    coveralls (0.7.0)
      multi_json (~> 1.3)
      rest-client
      simplecov (>= 0.7)
      term-ansicolor
      thor
    diff-lcs (1.2.5)
    docile (1.1.3)
    fuubar (1.3.2)
      rspec (>= 2.14.0, < 3.1.0)
      ruby-progressbar (~> 1.3)
    i18n (0.6.9)
    method_source (0.8.2)
    mime-types (1.25.1)
    minitest (4.7.5)
    mongo (1.9.2)
      bson (~> 1.9.2)
    multi_json (1.8.4)
    pry (0.9.12.6)
      coderay (~> 1.0)
      method_source (~> 0.8)
      slop (~> 3.4)
    rest-client (1.6.7)
      mime-types (>= 1.16)
    rspec (2.14.1)
      rspec-core (~> 2.14.0)
      rspec-expectations (~> 2.14.0)
      rspec-mocks (~> 2.14.0)
    rspec-core (2.14.7)
    rspec-expectations (2.14.5)
      diff-lcs (>= 1.1.3, < 2.0)
    rspec-mocks (2.14.5)
    ruby-progressbar (1.4.1)
    simplecov (0.8.2)
      docile (~> 1.1.0)
      multi_json
      simplecov-html (~> 0.8.0)
    simplecov-html (0.8.0)
    slop (3.4.7)
    term-ansicolor (1.3.0)
      tins (~> 1.0)
    thor (0.18.1)
    thread_safe (0.1.3)
      atomic
    tins (1.0.0)
    tzinfo (0.3.38)

PLATFORMS
  ruby

DEPENDENCIES
  activesupport
  coveralls
  fuubar
  mongo
  mongo-lock!
  pry
  rspec
